GEM
  remote: https://rubygems.org/
  specs:
    byebug (11.1.3)
    chunky_png (1.4.0)
    coderay (1.1.3)
    gosu (1.2.0)
    method_source (1.0.0)
    pry (0.13.1)
      coderay (~> 1.1)
      method_source (~> 1.0)
    pry-byebug (3.9.0)
      byebug (~> 11.0)
      pry (~> 0.13.0)

PLATFORMS
  x86_64-linux

DEPENDENCIES
  chunky_png
  gosu (~> 1.2.0)
  pry-byebug

BUNDLED WITH
   2.2.26
